GEM
  remote: http://rubygems.org/
  specs:
    ansi (1.4.3)
    builder (3.1.4)
    codersdojo (1.5.15)
      flote (= 0.0.2)
      json (>= 1.4.6)
      rest-client (>= 1.6.1)
      shell-utils (= 0.1.1)
      term-ansicolor (>= 1.0.5)
    flote (0.0.2)
      shell-utils (= 0.1.1)
      term-ansicolor (>= 1.0.5)
    hashie (1.2.0)
    json (1.7.5)
    mime-types (1.19)
    minitest (4.2.0)
    minitest-reporters (0.12.1)
      ansi
      builder
      minitest (>= 2.12, < 5.0)
      powerbar
    powerbar (1.0.11)
      ansi (~> 1.4.0)
      hashie (>= 1.1.0)
    rest-client (1.6.7)
      mime-types (>= 1.16)
    rubyzip (0.9.9)
    shell-utils (0.1.1)
      rubyzip (>= 0.9.4)
    term-ansicolor (1.0.7)

PLATFORMS
  ruby

DEPENDENCIES
  codersdojo
  minitest-reporters
